PATH
  remote: .
  specs:
    textractor (0.0.3)

GEM
  remote: http://rubygems.org/
  specs:
    rspec (1.3.0)

PLATFORMS
  ruby

DEPENDENCIES
  bundler (>= 1.0.0)
  rspec (~> 1.3.0)
  textractor!
